PATH
  remote: .
  specs:
    require-here (0.0.0)
      minitest (~> 2.11)

GEM
  remote: http://rubygems.org/
  specs:
    minitest (2.12.1)

PLATFORMS
  ruby

DEPENDENCIES
  minitest (~> 2.11)
  require-here!
